GEM
  remote: https://rubygems.org/
  specs:
    ast (2.0.0)
    chronic (0.10.2)
    coderay (1.1.0)
    curb (0.8.5)
    json (1.8.1)
    method_source (0.8.2)
    parser (2.1.9)
      ast (>= 1.1, < 3.0)
      slop (~> 3.4, >= 3.4.5)
    powerpack (0.0.9)
    pry (0.9.12.6)
      coderay (~> 1.0)
      method_source (~> 0.8)
      slop (~> 3.4)
    quake (0.0.3)
      curb (>= 0.7.15)
    rainbow (2.0.0)
    rubocop (0.22.0)
      json (>= 1.7.7, < 2)
      parser (~> 2.1.9)
      powerpack (~> 0.0.6)
      rainbow (>= 1.99.1, < 3.0)
      ruby-progressbar (~> 1.4)
    ruby-progressbar (1.5.1)
    slop (3.5.0)

PLATFORMS
  ruby

DEPENDENCIES
  chronic
  pry
  quake
  rubocop
